GEM
  remote: https://rubygems.org/
  specs:
    active_support (3.0.0)
      activesupport (= 3.0.0)
    activesupport (3.0.0)
    awesome_print (1.1.0)
    binding_of_caller (0.7.1)
      debug_inspector (>= 0.0.1)
    bson (1.8.3)
    bson_ext (1.8.3)
      bson (~> 1.8.3)
    coderay (1.0.9)
    columnize (0.3.6)
    debug_inspector (0.0.2)
    debugger (1.5.0)
      columnize (>= 0.3.1)
      debugger-linecache (~> 1.2.0)
      debugger-ruby_core_source (~> 1.2.0)
    debugger-linecache (1.2.0)
    debugger-ruby_core_source (1.2.0)
    json (1.7.7)
    method_source (0.8.1)
    mime-types (1.21)
    mongo (1.8.3)
      bson (~> 1.8.3)
    nokogiri (1.5.6)
    pry (0.9.12)
      coderay (~> 1.0.5)
      method_source (~> 0.8)
      slop (~> 3.4)
    pry-debugger (0.2.2)
      debugger (~> 1.3)
      pry (~> 0.9.10)
    pry-stack_explorer (0.4.9)
      binding_of_caller (>= 0.7)
      pry (~> 0.9.11)
    rchardet19 (1.3.5)
    rest-client (1.6.7)
      mime-types (>= 1.16)
    rmmseg-cpp (0.2.9)
    ruby-progressbar (1.0.2)
    rubytree (0.8.3)
      json (>= 1.7.5)
      structured_warnings (>= 0.1.3)
    slop (3.4.4)
    structured_warnings (0.1.3)

PLATFORMS
  ruby

DEPENDENCIES
  active_support
  awesome_print
  bson_ext (~> 1.8.3)
  mongo (~> 1.8.3)
  nokogiri
  pry
  pry-debugger (~> 0.2.2)
  pry-stack_explorer
  rchardet19
  rest-client
  rmmseg-cpp
  ruby-progressbar
  rubytree (~> 0.8.3)
